GEM
  remote: http://rubygems.org/
  specs:
    albino (1.3.3)
      posix-spawn (>= 0.3.6)
    chunky_png (1.2.6)
    classifier (1.3.3)
      fast-stemmer (>= 1.0.0)
    compass (0.12.2)
      chunky_png (~> 1.2)
      fssm (>= 0.2.7)
      sass (~> 3.1)
    directory_watcher (1.4.1)
    fast-stemmer (1.0.1)
    fssm (0.2.9)
    jekyll (0.11.2)
      albino (~> 1.3)
      classifier (~> 1.3)
      directory_watcher (~> 1.1)
      kramdown (~> 0.13)
      liquid (~> 2.3)
      maruku (~> 0.5)
    jekyll-sass (1.1.0)
      jekyll (>= 0.10.0)
      sass (>= 3.0.0)
    kramdown (0.13.7)
    liquid (2.4.1)
    maruku (0.6.1)
      syntax (>= 1.0.0)
    posix-spawn (0.3.6)
    rake (10.0.1)
    sass (3.2.3)
    syntax (1.0.0)

PLATFORMS
  ruby

DEPENDENCIES
  compass
  jekyll
  jekyll-sass
  rake
